GIT
  remote: git://github.com/SaitoWu/linner.git
  revision: ad2281926fcce2ac65359fccc1e7c73516a1384d
  specs:
    linner (0.4.1)
      coffee-script (~> 2.2)
      compass (~> 0.12.2)
      cssminify (~> 1.0.2)
      listen (~> 1.2)
      nio4r (~> 0.5.0)
      nokogiri (~> 1.6.0)
      reel (~> 0.3)
      sass (~> 3.2)
      terminal-notifier (~> 1.4)
      thor (~> 0.18)
      tilt (~> 1.4)
      uglifier (~> 2.1)

GIT
  remote: git://github.com/luikore/nyara.git
  revision: 86ddc80c7203c305d06d1073df0806a2a6018061
  specs:
    nyara (0.1.pre.2)
      listen (>= 1.1.3)
      thor (>= 0.18)
      tilt (>= 1.3)

GEM
  remote: https://rubygems.org/
  specs:
    activemodel (3.2.13)
      activesupport (= 3.2.13)
      builder (~> 3.0.0)
    activesupport (3.2.13)
      i18n (= 0.6.1)
      multi_json (~> 1.0)
    builder (3.0.4)
    celluloid (0.14.1)
      timers (>= 1.0.0)
    celluloid-io (0.14.1)
      celluloid (>= 0.14.1)
      nio4r (>= 0.4.5)
    certified (0.1.1)
    chunky_png (1.2.8)
    coffee-script (2.2.0)
      coffee-script-source
      execjs
    coffee-script-source (1.6.3)
    compass (0.12.2)
      chunky_png (~> 1.2)
      fssm (>= 0.2.7)
      sass (~> 3.1)
    cssminify (1.0.2)
    diff-lcs (1.2.4)
    erubis (2.7.0)
    execjs (1.4.0)
      multi_json (~> 1.0)
    ffi (1.9.0)
    fssm (0.2.10)
    http (0.4.0)
      certified
      http_parser.rb
    http_parser.rb (0.5.3)
    i18n (0.6.1)
    listen (1.3.0)
      rb-fsevent (>= 0.9.3)
      rb-inotify (>= 0.9)
      rb-kqueue (>= 0.2)
    mini_portile (0.5.1)
    mongoid (3.1.4)
      activemodel (~> 3.2)
      moped (~> 1.4)
      origin (~> 1.0)
      tzinfo (~> 0.3.22)
    mongoid_auto_increment_id (0.6.1)
      mongoid (>= 3.0.0, < 4.1.0)
    moped (1.5.0)
    multi_json (1.7.7)
    nio4r (0.5.0)
    nokogiri (1.6.0)
      mini_portile (~> 0.5.0)
    origin (1.1.0)
    rack (1.5.2)
    rake (10.1.0)
    rb-fsevent (0.9.3)
    rb-inotify (0.9.1)
      ffi (>= 0.5.0)
    rb-kqueue (0.2.0)
      ffi (>= 0.5.0)
    reel (0.3.0)
      celluloid-io (>= 0.8.0)
      http (>= 0.2.0)
      http_parser.rb (>= 0.5.3)
      rack (>= 1.4.0)
      websocket_parser (>= 0.1.0)
    rspec (2.14.1)
      rspec-core (~> 2.14.0)
      rspec-expectations (~> 2.14.0)
      rspec-mocks (~> 2.14.0)
    rspec-core (2.14.4)
    rspec-expectations (2.14.0)
      diff-lcs (>= 1.1.3, < 2.0)
    rspec-mocks (2.14.2)
    sass (3.2.10)
    terminal-notifier (1.4.2)
    thor (0.18.1)
    tilt (1.4.1)
    timers (1.1.0)
    tzinfo (0.3.37)
    uglifier (2.1.2)
      execjs (>= 0.3.0)
      multi_json (~> 1.0, >= 1.0.2)
    websocket_parser (0.1.4)
      http

PLATFORMS
  ruby

DEPENDENCIES
  coffee-script
  erubis
  linner!
  mongoid (= 3.1.4)
  mongoid_auto_increment_id (= 0.6.1)
  nyara!
  rake
  rspec
  sass
